GEM
  remote: https://rubygems.org/
  specs:
    mustache (1.1.1)
    rake (13.0.3)

PLATFORMS
  x86_64-linux

DEPENDENCIES
  mustache
  rake

BUNDLED WITH
   2.2.16
